GEM
  remote: http://rubygems.org/
  specs:
    RedCloth (4.2.7)
    classifier (1.3.3)
      fast-stemmer (>= 1.0.0)
    directory_watcher (1.4.0)
    fast-stemmer (1.0.0)
    haml (2.2.24)
    jekyll ()
      RedCloth (>= 4.2.1)
      classifier (>= 1.3.1)
      directory_watcher (>= 1.1.1)
      liquid (>= 1.9.0)
      maruku (>= 0.5.9)
      open4 (>= 0.9.6)
    liquid (2.2.2)
    maruku (0.6.0)
      syntax (>= 1.0.0)
    open4 (1.0.1)
    syntax (1.0.0)

PLATFORMS
  ruby

DEPENDENCIES
  haml (= 2.2.24)
  jekyll
